GEM
  remote: https://rubygems.org/
  specs:
    activesupport (5.1.4)
      concurrent-ruby (~> 1.0, >= 1.0.2)
      i18n (~> 0.7)
      minitest (~> 5.1)
      tzinfo (~> 1.1)
    addressable (2.3.8)
    bcrypt (3.1.10)
    bcrypt-ruby (3.1.5)
      bcrypt (>= 3.1.3)
    capybara (2.4.4)
      mime-types (>= 1.16)
      nokogiri (>= 1.3.3)
      rack (>= 1.0.0)
      rack-test (>= 0.5.4)
      xpath (~> 2.0)
    codeclimate-test-reporter (0.4.6)
      simplecov (>= 0.7.1, < 1.0.0)
    concurrent-ruby (1.0.5)
    data_objects (0.10.16)
      addressable (~> 2.1)
    diff-lcs (1.2.5)
    dm-aggregates (1.2.0)
      dm-core (~> 1.2.0)
    dm-constraints (1.2.0)
      dm-core (~> 1.2.0)
    dm-core (1.2.1)
      addressable (~> 2.3)
    dm-do-adapter (1.2.0)
      data_objects (~> 0.10.6)
      dm-core (~> 1.2.0)
    dm-is-authenticatable (0.2.0)
      bcrypt-ruby (~> 3.0, >= 2.1.0)
      dm-core (~> 1.0)
      dm-types (~> 1.0)
      dm-validations (~> 1.0)
    dm-migrations (1.2.0)
      dm-core (~> 1.2.0)
    dm-postgres-adapter (1.2.0)
      dm-do-adapter (~> 1.2.0)
      do_postgres (~> 0.10.6)
    dm-serializer (1.2.2)
      dm-core (~> 1.2.0)
      fastercsv (~> 1.5)
      json (~> 1.6)
      json_pure (~> 1.6)
      multi_json (~> 1.0)
    dm-timestamps (1.2.0)
      dm-core (~> 1.2.0)
    dm-types (1.2.2)
      bcrypt-ruby (~> 3.0)
      dm-core (~> 1.2.0)
      fastercsv (~> 1.5)
      json (~> 1.6)
      multi_json (~> 1.0)
      stringex (~> 1.4)
      uuidtools (~> 2.1)
    dm-validations (1.2.0)
      dm-core (~> 1.2.0)
    do_postgres (0.10.16)
      data_objects (= 0.10.16)
    docile (1.1.5)
    fastercsv (1.5.5)
    honeybadger (2.0.12)
    http_router (0.11.2)
      rack (>= 1.0.0)
      url_mount (~> 0.2.1)
    i18n (0.9.5)
      concurrent-ruby (~> 1.0)
    json (1.8.3)
    json_pure (1.8.2)
    mail (2.7.0)
      mini_mime (>= 0.1.1)
    mime-types (1.25.1)
    mini_mime (1.0.0)
    mini_portile2 (2.3.0)
    minitest (5.11.3)
    mock_redis (0.14.0)
    moneta (0.7.20)
    mono_logger (1.1.0)
    multi_json (1.11.0)
    nokogiri (1.8.2)
      mini_portile2 (~> 2.3.0)
    padrino (0.12.6)
      padrino-admin (= 0.12.6)
      padrino-cache (= 0.12.6)
      padrino-core (= 0.12.6)
      padrino-gen (= 0.12.6)
      padrino-helpers (= 0.12.6)
      padrino-mailer (= 0.12.6)
      padrino-support (= 0.12.6)
    padrino-admin (0.12.6)
      padrino-core (= 0.12.6)
      padrino-helpers (= 0.12.6)
    padrino-cache (0.12.6)
      moneta (~> 0.7.0)
      padrino-core (= 0.12.6)
      padrino-helpers (= 0.12.6)
    padrino-core (0.12.6)
      activesupport (>= 3.1)
      http_router (~> 0.11.0)
      padrino-support (= 0.12.6)
      rack (< 1.6.0)
      rack-protection (>= 1.5.0)
      sinatra (~> 1.4.2)
      thor (~> 0.18)
    padrino-gen (0.12.6)
      bundler (~> 1.0)
      padrino-core (= 0.12.6)
    padrino-helpers (0.12.6)
      i18n (~> 0.6, >= 0.6.7)
      padrino-support (= 0.12.6)
      tilt (~> 1.4.1)
    padrino-mailer (0.12.6)
      mail (~> 2.5)
      mime-types (< 3)
      padrino-core (= 0.12.6)
    padrino-support (0.12.6)
      activesupport (>= 3.1)
    padrino-warden (0.20.1)
      warden (>= 0.10.3)
    rack (1.5.4)
    rack-protection (1.5.3)
      rack
    rack-ssl-enforcer (0.2.9)
    rack-test (0.6.3)
      rack (>= 1.0)
    rake (10.4.2)
    redis (3.2.1)
    redis-namespace (1.5.2)
      redis (~> 3.0, >= 3.0.4)
    resque (1.25.2)
      mono_logger (~> 1.0)
      multi_json (~> 1.0)
      redis-namespace (~> 1.3)
      sinatra (>= 0.9.2)
      vegas (~> 0.1.2)
    resque_spec (0.16.0)
      resque (>= 1.19.0)
      rspec-core (>= 3.0.0)
      rspec-expectations (>= 3.0.0)
      rspec-mocks (>= 3.0.0)
    rspec (3.2.0)
      rspec-core (~> 3.2.0)
      rspec-expectations (~> 3.2.0)
      rspec-mocks (~> 3.2.0)
    rspec-core (3.2.3)
      rspec-support (~> 3.2.0)
    rspec-expectations (3.2.1)
      diff-lcs (>= 1.2.0, < 2.0)
      rspec-support (~> 3.2.0)
    rspec-mocks (3.2.1)
      diff-lcs (>= 1.2.0, < 2.0)
      rspec-support (~> 3.2.0)
    rspec-support (3.2.2)
    simplecov (0.9.1)
      docile (~> 1.1.0)
      multi_json (~> 1.0)
      simplecov-html (~> 0.8.0)
    simplecov-html (0.8.0)
    sinatra (1.4.6)
      rack (~> 1.4)
      rack-protection (~> 1.4)
      tilt (>= 1.3, < 3)
    slim (3.0.2)
      temple (~> 0.7.3)
      tilt (>= 1.3.3, < 2.1)
    stringex (1.5.1)
    temple (0.7.5)
    thor (0.20.0)
    thread_safe (0.3.6)
    tilt (1.4.1)
    tzinfo (1.2.5)
      thread_safe (~> 0.1)
    url_mount (0.2.1)
      rack
    uuidtools (2.1.5)
    vegas (0.1.11)
      rack (>= 1.0.0)
    warden (1.2.3)
      rack (>= 1.0)
    xpath (2.1.0)
      nokogiri (~> 1.3)

PLATFORMS
  ruby

DEPENDENCIES
  capybara (~> 2.4)
  codeclimate-test-reporter
  dm-aggregates
  dm-constraints
  dm-core
  dm-is-authenticatable (~> 0.2.0)
  dm-migrations
  dm-postgres-adapter
  dm-serializer
  dm-timestamps
  dm-types
  dm-validations
  honeybadger
  mock_redis (~> 0.14)
  padrino (= 0.12.6)
  padrino-warden (~> 0.20)
  rack-ssl-enforcer
  rack-test
  rake
  resque
  resque_spec (~> 0.16)
  rspec
  simplecov
  slim

RUBY VERSION
   ruby 2.2.2p95

BUNDLED WITH
   1.16.1
